GEM
  remote: https://rubygems.org/
  specs:
    bozos_buckets (0.0.2)
    google-protobuf (3.25.3)
    google-protobuf (3.25.3-aarch64-linux)
    google-protobuf (3.25.3-arm64-darwin)
    google-protobuf (3.25.3-x86-linux)
    google-protobuf (3.25.3-x86_64-darwin)
    google-protobuf (3.25.3-x86_64-linux)
    googleapis-common-protos-types (1.14.0)
      google-protobuf (~> 3.18)
    grpc (1.62.0)
      google-protobuf (~> 3.25)
      googleapis-common-protos-types (~> 1.0)
    grpc (1.62.0-aarch64-linux)
      google-protobuf (~> 3.25)
      googleapis-common-protos-types (~> 1.0)
    grpc (1.62.0-arm64-darwin)
      google-protobuf (~> 3.25)
      googleapis-common-protos-types (~> 1.0)
    grpc (1.62.0-x86-linux)
      google-protobuf (~> 3.25)
      googleapis-common-protos-types (~> 1.0)
    grpc (1.62.0-x86_64-darwin)
      google-protobuf (~> 3.25)
      googleapis-common-protos-types (~> 1.0)
    grpc (1.62.0-x86_64-linux)
      google-protobuf (~> 3.25)
      googleapis-common-protos-types (~> 1.0)
    rake (13.1.0)
    rb_sys (0.9.90)
    securerandom (0.3.1)
    streamdal-protos (0.0.5)
      google-protobuf (~> 3.15)
      grpc (~> 1.32)
    wasmtime (18.0.3)
      rb_sys (~> 0.9.86)
    wasmtime (18.0.3-aarch64-linux)
    wasmtime (18.0.3-arm64-darwin)
    wasmtime (18.0.3-x86_64-darwin)
    wasmtime (18.0.3-x86_64-linux)

PLATFORMS
  aarch64-linux
  arm64-darwin
  ruby
  x86-linux
  x86_64-darwin
  x86_64-linux

DEPENDENCIES
  bozos_buckets (~> 0.0.2)
  google-protobuf (~> 3.25)
  grpc (~> 1.62.0)
  rake (~> 13.1)
  securerandom (~> 0.3.1)
  streamdal-protos (~> 0.0.5)
  wasmtime (~> 18.0.0)

BUNDLED WITH
   2.5.4
